PATH
  remote: ../lambda-ruby
  specs:
    remotion_lambda (4.0.237)
      aws-sdk-lambda (> 1.0.0)
      json (> 2.0.0)
      logger (> 1.0.0)

GEM
  remote: https://rubygems.org/
  specs:
    aws-eventstream (1.3.0)
    aws-partitions (1.1020.0)
    aws-sdk-core (3.214.0)
      aws-eventstream (~> 1, >= 1.3.0)
      aws-partitions (~> 1, >= 1.992.0)
      aws-sigv4 (~> 1.9)
      jmespath (~> 1, >= 1.6.1)
    aws-sdk-lambda (1.144.0)
      aws-sdk-core (~> 3, >= 3.210.0)
      aws-sigv4 (~> 1.5)
    aws-sigv4 (1.10.1)
      aws-eventstream (~> 1, >= 1.0.2)
    jmespath (1.6.2)
    json (2.9.0)
    logger (1.6.2)

PLATFORMS
  ruby

DEPENDENCIES
  remotion_lambda!

BUNDLED WITH
   2.1.4
